GEM
  remote: http://rubygems.org/
  specs:
    cinch (1.0.1)
    sqlite3-ruby (1.3.1)

PLATFORMS
  ruby

DEPENDENCIES
  cinch
  sqlite3-ruby
